GEM
  remote: http://rubygems.org/
  specs:
    addressable (2.2.7)
    blankslate (2.1.2.4)
    chargify2 (0.2.2)
      addressable
      hashery
      hashie
      httparty
    hashery (1.5.0)
      blankslate
    hashie (1.2.0)
    httparty (0.8.1)
      multi_json
      multi_xml
    multi_json (1.1.0)
    multi_xml (0.4.2)
    rack (1.4.1)
    rack-protection (1.2.0)
      rack
    sinatra (1.3.2)
      rack (~> 1.3, >= 1.3.6)
      rack-protection (~> 1.2)
      tilt (~> 1.3, >= 1.3.3)
    tilt (1.3.3)

PLATFORMS
  ruby

DEPENDENCIES
  chargify2
  sinatra
