GEM
  remote: http://rubygems.org/
  specs:
    chargify2 (0.2.4)
      hashery (~> 2.1.0)
      hashie
      httparty
      rack
    hashery (2.1.0)
    hashie (2.0.0)
    httparty (0.10.2)
      multi_json (~> 1.0)
      multi_xml (>= 0.5.2)
    multi_json (1.6.1)
    multi_xml (0.5.3)
    rack (1.5.2)
    rack-protection (1.3.2)
      rack
    sinatra (1.3.4)
      rack (~> 1.4)
      rack-protection (~> 1.3)
      tilt (~> 1.3, >= 1.3.3)
    tilt (1.3.3)

PLATFORMS
  ruby

DEPENDENCIES
  chargify2
  sinatra
